GIT
  remote: git://github.com/soupcms/soupcms-api.git
  revision: 1484ba90be19efe09e9a173176987d64835f25b8
  specs:
    soupcms-api (0.5.0)
      bson_ext
      mongo

GIT
  remote: git://github.com/soupcms/soupcms-cli.git
  revision: b4c91712acabaaaaae0f032da0e60cb11f459fae
  specs:
    soupcms-cli (0.5.4)
      bson_ext (~> 1.10)
      cloudinary (~> 1.0)
      mongo (~> 1.10)
      thor (~> 0.19)

GIT
  remote: git://github.com/soupcms/soupcms-common.git
  revision: 3bc2247701c0f02b482d7dad26b1d4201f2e5161
  specs:
    soupcms-common (0.5.0)

GIT
  remote: git://github.com/soupcms/soupcms-core.git
  revision: ac9cf9cef80765aa03737018078d0fffdb3d6ede
  specs:
    soupcms-core (0.5.0)
      bootstrap-sass
      sass
      slim
      sprockets (= 3.0.0.beta.6)

GEM
  remote: https://rubygems.org/
  specs:
    autoprefixer-rails (5.0.0.3)
      execjs
      json
    aws_cf_signer (0.1.3)
    bootstrap-sass (3.3.3)
      autoprefixer-rails (>= 5.0.0.1)
      sass (>= 3.2.19)
    bson (1.11.1)
    bson_ext (1.11.1)
      bson (~> 1.11.1)
    cloudinary (1.0.81)
      aws_cf_signer
      rest-client
    coderay (1.1.0)
    execjs (2.2.2)
    json (1.8.2)
    kramdown (1.5.0)
    mime-types (2.4.3)
    mini_portile (0.6.2)
    mongo (1.11.1)
      bson (= 1.11.1)
    netrc (0.10.2)
    nokogiri (1.6.6.2)
      mini_portile (~> 0.6.0)
    puma (2.11.0)
      rack (>= 1.1, < 2.0)
    rack (1.6.0)
    rest-client (1.7.2)
      mime-types (>= 1.16, < 3.0)
      netrc (~> 0.7)
    sass (3.4.10)
    slim (3.0.1)
      temple (~> 0.7.3)
      tilt (>= 1.3.3, < 2.1)
    sprockets (3.0.0.beta.6)
      rack (~> 1.0)
    temple (0.7.5)
    thor (0.19.1)
    tilt (2.0.1)

PLATFORMS
  ruby

DEPENDENCIES
  bson_ext
  coderay
  kramdown
  mongo
  nokogiri
  puma
  soupcms-api!
  soupcms-cli!
  soupcms-common!
  soupcms-core!
