GIT
  remote: git://github.com/soupcms/soupcms-api.git
  revision: 5f5c0cc8e704a5aec121522fb48bfe720873f592
  specs:
    soupcms-api (0.5.0)
      mongo

GIT
  remote: git://github.com/soupcms/soupcms-cli.git
  revision: 7d711d06e122c4faf45e1677de447a3d6b5ee627
  specs:
    soupcms-cli (0.5.4)
      cloudinary
      mongo
      thor

GIT
  remote: git://github.com/soupcms/soupcms-common.git
  revision: cef04c238ca858d9b8877c2af35b696acbd48492
  specs:
    soupcms-common (0.5.0)

GIT
  remote: git://github.com/soupcms/soupcms-core.git
  revision: 7458a737659b8106b28bf5db08104636b04838a9
  specs:
    soupcms-core (0.5.0)
      bootstrap-sass
      sass
      slim
      sprockets

GEM
  remote: https://rubygems.org/
  specs:
    autoprefixer-rails (5.2.0.1)
      execjs
      json
    aws_cf_signer (0.1.3)
    bootstrap-sass (3.3.5)
      autoprefixer-rails (>= 5.0.0.1)
      sass (>= 3.2.19)
    bson (3.1.0)
    cloudinary (1.1.0)
      aws_cf_signer
      rest-client
    coderay (1.1.0)
    domain_name (0.5.24)
      unf (>= 0.0.5, < 1.0.0)
    execjs (2.5.2)
    http-cookie (1.0.2)
      domain_name (~> 0.5)
    json (1.8.3)
    kramdown (1.7.0)
    mime-types (2.6.1)
    mini_portile (0.6.2)
    mongo (2.0.5)
      bson (~> 3.0)
    netrc (0.10.3)
    nokogiri (1.6.6.2)
      mini_portile (~> 0.6.0)
    puma (2.11.3)
      rack (>= 1.1, < 2.0)
    rack (1.6.4)
    rest-client (1.8.0)
      http-cookie (>= 1.0.2, < 2.0)
      mime-types (>= 1.16, < 3.0)
      netrc (~> 0.7)
    sass (3.4.14)
    slim (3.0.6)
      temple (~> 0.7.3)
      tilt (>= 1.3.3, < 2.1)
    sprockets (3.2.0)
      rack (~> 1.0)
    temple (0.7.6)
    thor (0.19.1)
    tilt (2.0.1)
    unf (0.1.4)
      unf_ext
    unf_ext (0.0.7.1)

PLATFORMS
  ruby

DEPENDENCIES
  coderay
  kramdown
  mongo
  nokogiri
  puma
  soupcms-api!
  soupcms-cli!
  soupcms-common!
  soupcms-core!
