GIT
  remote: git://github.com/soupcms/soupcms-api.git
  revision: b611154f7c7d5d87a6711d9b7a78735af7c17bf3
  specs:
    soupcms-api (0.5.0)
      mongo

GIT
  remote: git://github.com/soupcms/soupcms-cli.git
  revision: 968dc3ba6081800eca786d1c52bea03f3bdd3210
  specs:
    soupcms-cli (0.5.4)
      cloudinary
      mongo
      thor

GIT
  remote: git://github.com/soupcms/soupcms-common.git
  revision: 92e0ba1825449f177b2b46a22461649881970895
  specs:
    soupcms-common (0.5.0)

GIT
  remote: git://github.com/soupcms/soupcms-core.git
  revision: 21297e06f676aa3245758ecc0f9694338b85286a
  specs:
    soupcms-core (0.5.0)
      bootstrap-sass
      sass
      slim
      sprockets

GEM
  remote: https://rubygems.org/
  specs:
    autoprefixer-rails (6.2.0)
      execjs
      json
    aws_cf_signer (0.1.3)
    bootstrap-sass (3.3.6)
      autoprefixer-rails (>= 5.2.1)
      sass (>= 3.3.4)
    bson (4.0.0)
    cloudinary (1.1.2)
      aws_cf_signer
      rest-client
    coderay (1.1.0)
    concurrent-ruby (1.0.0)
    domain_name (0.5.25)
      unf (>= 0.0.5, < 1.0.0)
    execjs (2.6.0)
    http-cookie (1.0.2)
      domain_name (~> 0.5)
    json (1.8.3)
    kramdown (1.9.0)
    mime-types (2.99)
    mini_portile2 (2.0.0)
    mongo (2.2.1)
      bson (~> 4.0)
    netrc (0.11.0)
    nokogiri (1.6.7.1)
      mini_portile2 (~> 2.0.0.rc2)
    puma (2.15.3)
    rack (1.6.4)
    rest-client (1.8.0)
      http-cookie (>= 1.0.2, < 2.0)
      mime-types (>= 1.16, < 3.0)
      netrc (~> 0.7)
    sass (3.4.20)
    slim (3.0.6)
      temple (~> 0.7.3)
      tilt (>= 1.3.3, < 2.1)
    sprockets (3.5.2)
      concurrent-ruby (~> 1.0)
      rack (> 1, < 3)
    temple (0.7.6)
    thor (0.19.1)
    tilt (2.0.1)
    unf (0.1.4)
      unf_ext
    unf_ext (0.0.7.1)

PLATFORMS
  ruby

DEPENDENCIES
  coderay
  kramdown
  mongo
  nokogiri
  puma
  soupcms-api!
  soupcms-cli!
  soupcms-common!
  soupcms-core!

BUNDLED WITH
   1.11.2
