GIT
  remote: git://github.com/soupcms/soupcms-api.git
  revision: 5fe0b676a90563639454dc275f6f2c651ccd33e9
  specs:
    soupcms-api (0.5.0)
      mongo

GIT
  remote: git://github.com/soupcms/soupcms-cli.git
  revision: 968dc3ba6081800eca786d1c52bea03f3bdd3210
  specs:
    soupcms-cli (0.5.4)
      cloudinary
      mongo
      thor

GIT
  remote: git://github.com/soupcms/soupcms-common.git
  revision: aca1c2cd5b6051e27ca2794a0ac696477913fafe
  specs:
    soupcms-common (0.5.0)

GIT
  remote: git://github.com/soupcms/soupcms-core.git
  revision: 81d0ae712163cd9d44ea64b38dab7d2662be87eb
  specs:
    soupcms-core (0.5.0)
      bootstrap-sass
      sass
      slim
      sprockets

GEM
  remote: https://rubygems.org/
  specs:
    autoprefixer-rails (6.3.6)
      execjs
    aws_cf_signer (0.1.3)
    bootstrap-sass (3.3.6)
      autoprefixer-rails (>= 5.2.1)
      sass (>= 3.3.4)
    bson (4.0.4)
    cloudinary (1.1.5)
      aws_cf_signer
      rest-client
    coderay (1.1.1)
    concurrent-ruby (1.0.1)
    domain_name (0.5.20160310)
      unf (>= 0.0.5, < 1.0.0)
    execjs (2.6.0)
    http-cookie (1.0.2)
      domain_name (~> 0.5)
    kramdown (1.10.0)
    mime-types (2.99.1)
    mini_portile2 (2.0.0)
    mongo (2.2.4)
      bson (~> 4.0)
    netrc (0.11.0)
    nokogiri (1.6.7.1)
      mini_portile2 (~> 2.0.0.rc2)
    puma (3.4.0)
    rack (1.6.4)
    rest-client (1.8.0)
      http-cookie (>= 1.0.2, < 2.0)
      mime-types (>= 1.16, < 3.0)
      netrc (~> 0.7)
    sass (3.4.22)
    slim (3.0.6)
      temple (~> 0.7.3)
      tilt (>= 1.3.3, < 2.1)
    sprockets (3.6.0)
      concurrent-ruby (~> 1.0)
      rack (> 1, < 3)
    temple (0.7.6)
    thor (0.19.1)
    tilt (2.0.2)
    unf (0.1.4)
      unf_ext
    unf_ext (0.0.7.2)

PLATFORMS
  ruby

DEPENDENCIES
  coderay
  kramdown
  mongo
  nokogiri
  puma
  soupcms-api!
  soupcms-cli!
  soupcms-common!
  soupcms-core!

BUNDLED WITH
   1.11.2
