GIT
  remote: git://github.com/soupcms/soupcms-api.git
  revision: a48320f3a8587b1681a1481e261d37d24fb3901e
  specs:
    soupcms-api (0.5.0)
      mongo

GIT
  remote: git://github.com/soupcms/soupcms-cli.git
  revision: 33e76a3aa3865d5331c727ab7db7de40d0a65e25
  specs:
    soupcms-cli (0.5.4)
      cloudinary
      mongo
      thor

GIT
  remote: git://github.com/soupcms/soupcms-common.git
  revision: c5473df6fdb8ad5ee9112fb340a08bc10b73379b
  specs:
    soupcms-common (0.5.0)

GIT
  remote: git://github.com/soupcms/soupcms-core.git
  revision: 45c2762b3b4e58962dd160e296977d1d33e9216f
  specs:
    soupcms-core (0.5.0)
      bootstrap-sass
      sass
      slim
      sprockets

GEM
  remote: https://rubygems.org/
  specs:
    autoprefixer-rails (6.4.0.2)
      execjs
    aws_cf_signer (0.1.3)
    bootstrap-sass (3.3.7)
      autoprefixer-rails (>= 5.2.1)
      sass (>= 3.3.4)
    bson (4.1.1)
    cloudinary (1.2.2)
      aws_cf_signer
      rest-client
    coderay (1.1.1)
    concurrent-ruby (1.0.2)
    domain_name (0.5.20160615)
      unf (>= 0.0.5, < 1.0.0)
    execjs (2.7.0)
    http-cookie (1.0.2)
      domain_name (~> 0.5)
    kramdown (1.12.0)
    mime-types (3.1)
      mime-types-data (~> 3.2015)
    mime-types-data (3.2016.0521)
    mini_portile2 (2.1.0)
    mongo (2.3.0)
      bson (~> 4.1)
    netrc (0.11.0)
    nokogiri (1.6.8)
      mini_portile2 (~> 2.1.0)
      pkg-config (~> 1.1.7)
    pkg-config (1.1.7)
    puma (3.6.0)
    rack (2.0.1)
    rest-client (2.0.0)
      http-cookie (>= 1.0.2, < 2.0)
      mime-types (>= 1.16, < 4.0)
      netrc (~> 0.8)
    sass (3.4.22)
    slim (3.0.7)
      temple (~> 0.7.6)
      tilt (>= 1.3.3, < 2.1)
    sprockets (3.7.0)
      concurrent-ruby (~> 1.0)
      rack (> 1, < 3)
    temple (0.7.7)
    thor (0.19.1)
    tilt (2.0.5)
    unf (0.1.4)
      unf_ext
    unf_ext (0.0.7.2)

PLATFORMS
  ruby

DEPENDENCIES
  coderay
  kramdown
  mongo
  nokogiri
  puma
  soupcms-api!
  soupcms-cli!
  soupcms-common!
  soupcms-core!

RUBY VERSION
   ruby 2.3.1p112

BUNDLED WITH
   1.12.4
