GIT
  remote: git://github.com/soupcms/soupcms-api.git
  revision: 03bd929b771f37f654c454bdb9a439f4ed96e5ae
  specs:
    soupcms-api (0.5.0)
      bson_ext
      mongo

GIT
  remote: git://github.com/soupcms/soupcms-cli.git
  revision: 5aec99decc2b5a1c990c23ab6e5ba4581151aac3
  specs:
    soupcms-cli (0.5.4)
      bson_ext (~> 1.10)
      cloudinary (~> 1.0)
      mongo (~> 1.10)
      thor (~> 0.19)

GIT
  remote: git://github.com/soupcms/soupcms-common.git
  revision: 70dce869607c1f93039f270aaf92e9b89006c0ee
  specs:
    soupcms-common (0.5.0)

GIT
  remote: git://github.com/soupcms/soupcms-core.git
  revision: 4f40c0085d16be4398076dddb46eea379685f048
  specs:
    soupcms-core (0.5.0)
      bootstrap-sass
      sass
      slim
      sprockets (= 3.0.0.beta.6)

GEM
  remote: https://rubygems.org/
  specs:
    aws_cf_signer (0.1.3)
    bootstrap-sass (3.3.1.0)
      sass (~> 3.2)
    bson (1.11.1)
    bson_ext (1.11.1)
      bson (~> 1.11.1)
    cloudinary (1.0.79)
      aws_cf_signer
      rest-client
    coderay (1.1.0)
    kramdown (1.5.0)
    mime-types (2.4.3)
    mini_portile (0.6.1)
    mongo (1.11.1)
      bson (= 1.11.1)
    netrc (0.10.0)
    nokogiri (1.6.5)
      mini_portile (~> 0.6.0)
    puma (2.10.2)
      rack (>= 1.1, < 2.0)
    rack (1.5.2)
    rest-client (1.7.2)
      mime-types (>= 1.16, < 3.0)
      netrc (~> 0.7)
    sass (3.4.9)
    slim (3.0.0)
      temple (~> 0.7.3)
      tilt (>= 1.3.3, < 2.1)
    sprockets (3.0.0.beta.6)
      rack (~> 1.0)
    temple (0.7.3)
    thor (0.19.1)
    tilt (2.0.1)

PLATFORMS
  ruby

DEPENDENCIES
  bson_ext
  coderay
  kramdown
  mongo
  nokogiri
  puma
  soupcms-api!
  soupcms-cli!
  soupcms-common!
  soupcms-core!
